PATH
  remote: .
  specs:
    metaforce (1.1.0)
      activesupport
      hashie (~> 1.2.0)
      listen (~> 0.6.0)
      rb-fsevent (~> 0.9.1)
      rubyzip (>= 1, < 3)
      savon (~> 1.2.0)
      thor (~> 0.16.0)
      zip

GEM
  remote: https://rubygems.org/
  specs:
    activesupport (6.0.3.2)
      concurrent-ruby (~> 1.0, >= 1.0.2)
      i18n (>= 0.7, < 2)
      minitest (~> 5.1)
      tzinfo (~> 1.1)
      zeitwerk (~> 2.2, >= 2.2.2)
    addressable (2.5.2)
      public_suffix (>= 2.0.2, < 4.0)
    akami (1.2.2)
      gyoku (>= 0.4.0)
      nokogiri
    builder (3.2.3)
    concurrent-ruby (1.1.7)
    crack (0.4.3)
      safe_yaml (~> 1.0.0)
    diff-lcs (1.3)
    gyoku (0.4.6)
      builder (>= 2.1.2)
    hashdiff (0.3.7)
    hashie (1.2.0)
    httpi (1.1.1)
      rack
    i18n (1.8.5)
      concurrent-ruby (~> 1.0)
    listen (0.6.0)
    mini_portile2 (2.3.0)
    minitest (5.14.2)
    nokogiri (1.8.2)
      mini_portile2 (~> 2.3.0)
    nori (1.1.5)
    public_suffix (3.0.2)
    rack (2.0.5)
    rake (12.3.1)
    rb-fsevent (0.9.8)
    rspec (2.99.0)
      rspec-core (~> 2.99.0)
      rspec-expectations (~> 2.99.0)
      rspec-mocks (~> 2.99.0)
    rspec-core (2.99.2)
    rspec-expectations (2.99.2)
      diff-lcs (>= 1.1.3, < 2.0)
    rspec-mocks (2.99.4)
    rubyzip (2.3.0)
    safe_yaml (1.0.4)
    savon (1.2.0)
      akami (~> 1.2.0)
      builder (>= 2.1.2)
      gyoku (~> 0.4.5)
      httpi (~> 1.1.0)
      nokogiri (>= 1.4.0)
      nori (~> 1.1.0)
      wasabi (~> 2.5.0)
    savon_spec (1.3.0)
      rspec (>= 2.0.0)
      savon (~> 1.0)
    thor (0.16.0)
    thread_safe (0.3.6)
    tzinfo (1.2.7)
      thread_safe (~> 0.1)
    wasabi (2.5.1)
      httpi (~> 1.0)
      nokogiri (>= 1.4.0)
    webmock (3.4.1)
      addressable (>= 2.3.6)
      crack (>= 0.3.2)
      hashdiff
    zeitwerk (2.4.0)
    zip (2.0.2)

PLATFORMS
  ruby

DEPENDENCIES
  metaforce!
  rake
  rspec (~> 2.14)
  savon_spec (~> 1.3.0)
  webmock

BUNDLED WITH
   1.16.1
